GEM
  remote: https://rubygems.org/
  specs:
    addressable (2.4.0)
    aws-sdk (2.2.7)
      aws-sdk-resources (= 2.2.7)
    aws-sdk-core (2.2.7)
      jmespath (~> 1.0)
    aws-sdk-resources (2.2.7)
      aws-sdk-core (= 2.2.7)
    fastimage (1.8.1)
      addressable (~> 2.3, >= 2.3.5)
    jmespath (1.1.3)
    rack (1.6.4)
    rack-protection (1.5.3)
      rack
    rmagick (2.15.4)
    sinatra (1.4.6)
      rack (~> 1.4)
      rack-protection (~> 1.4)
      tilt (>= 1.3, < 3)
    tilt (2.0.1)

PLATFORMS
  ruby

DEPENDENCIES
  aws-sdk (~> 2)
  fastimage
  rmagick
  sinatra

BUNDLED WITH
   1.11.2
